PATH
  remote: .
  specs:
    attr_symbol (0.0.4)

GEM
  remote: http://rubygems.org/
  specs:
    activerecord (2.3.14)
      activesupport (= 2.3.14)
    activesupport (2.3.14)
    git (1.2.5)
    jeweler (1.8.4)
      bundler (~> 1.0)
      git (>= 1.2.5)
      rake
      rdoc
    json (1.7.5)
    rake (0.9.2.2)
    rdoc (3.12)
      json (~> 1.4)
    shoulda (2.11.3)

PLATFORMS
  ruby

DEPENDENCIES
  activerecord (~> 2.3.5)
  attr_symbol!
  jeweler
  shoulda (~> 2.11.3)
